{
	"TaskName": "imagery",
	"Manufacturer": "Compumedics Neuroscan",
	"PowerLineFrequency": 50.0,
	"SamplingFrequency": 500.0,
	"SoftwareFilters": "n/a",
	"RecordingDuration": 375.998,
	"RecordingType": "continuous",
	"EEGReference": "vertex (Cz)",
	"EEGGround": "AFz",
	"EEGPlacementScheme": "10-05 system",
	"EEGChannelCount": 26,
	"EOGChannelCount": 0,
	"ECGChannelCount": 0,
	"EMGChannelCount": 0,
	"TriggerChannelCount": 0,
	"ManufacturersModelName": "Neuroscan SynAmps2",
	"SoftwareVersions": "n/a",
	"HardwareFilters": {
		"HardwareFilter": {
			"bandpass": [
				0.5,
				100
			],
			"notch_hz": 50
		}
	},
	"TaskDescription": "7-day longitudinal MI-BCI study without feedback training. 4 classes: left hand, right hand, both feet, idle Trial duration: 5.0s, imagery: 5.0s.",
	"Instructions": "n/a",
	"CogAtlasID": "https://www.cognitiveatlas.org/task/id/trm_4c8a834779883/",
	"InstitutionName": "Zhejiang University",
	"InstitutionAddress": "CN",
	"InstitutionalDepartmentName": "n/a",
	"CapManufacturer": "n/a",
	"CapManufacturersModelName": "n/a",
	"SubjectArtefactDescription": "n/a",
	"DeviceSerialNumber": "n/a",
	"Description": "EEG recording.",
	"MISCChannelCount": 0
}